GEM
  remote: https://rubygems.org/
  specs:
    openssl (3.2.0)

PLATFORMS
  x86_64-linux

DEPENDENCIES
  openssl

BUNDLED WITH
   2.4.19
